GEM
  remote: http://rubygems.org/
  specs:
    log4r (1.1.10)
    rack (1.4.0)
    rack-protection (1.2.0)
      rack
    rack-test (0.6.1)
      rack (>= 1.0)
    sinatra (1.3.2)
      rack (~> 1.3, >= 1.3.6)
      rack-protection (~> 1.2)
      tilt (~> 1.3, >= 1.3.3)
    tilt (1.3.3)

PLATFORMS
  ruby

DEPENDENCIES
  bundler
  log4r (~> 1.1.10)
  rack-test (~> 0.6.1)
  sinatra (~> 1.3.2)
